PATH
  remote: .
  specs:
    backup2sndacs (3.2.0)
      backup (~> 3.2.0)
      sndacs (~> 0.2.0)

GEM
  remote: https://rubygems.org/
  specs:
    backup (3.2.0)
      open4 (~> 1.3.0)
      thor (>= 0.15.4, < 2)
    mime-types (1.22)
    open4 (1.3.0)
    proxies (0.2.1)
    sndacs (0.2.4)
      mime-types
      proxies (~> 0.2.0)
    thor (0.18.1)

PLATFORMS
  ruby

DEPENDENCIES
  backup2sndacs!
