PATH
  remote: .
  specs:
    backup2sndacs (3.5.0)
      backup (>= 3.4.0)
      sndacs (~> 0.2.0)

GEM
  remote: https://rubygems.org/
  specs:
    backup (3.5.0)
      builder (= 3.2.0)
      dropbox-sdk (= 1.5.1)
      excon (= 0.20.1)
      faraday (= 0.8.7)
      fog (= 1.10.1)
      formatador (= 0.2.4)
      hipchat (= 0.8.0)
      httparty (= 0.11.0)
      i18n (= 0.6.4)
      json (= 1.7.7)
      mail (= 2.5.3)
      mime-types (= 1.23)
      multi_json (= 1.7.2)
      multi_xml (= 0.5.3)
      multipart-post (= 1.2.0)
      net-scp (= 1.1.0)
      net-sftp (= 2.1.1)
      net-ssh (= 2.6.7)
      nokogiri (= 1.5.9)
      open4 (= 1.3.0)
      parallel (= 0.6.4)
      polyglot (= 0.3.3)
      prowler (= 1.3.1)
      ruby-hmac (= 0.4.0)
      simple_oauth (= 0.2.0)
      thor (= 0.18.1)
      treetop (= 1.4.12)
      twitter (= 4.6.2)
    builder (3.2.0)
    dropbox-sdk (1.5.1)
      json
    excon (0.20.1)
    faraday (0.8.7)
      multipart-post (~> 1.1)
    fog (1.10.1)
      builder
      excon (~> 0.20)
      formatador (~> 0.2.0)
      mime-types
      multi_json (~> 1.0)
      net-scp (~> 1.1)
      net-ssh (>= 2.1.3)
      nokogiri (~> 1.5.0)
      ruby-hmac
    formatador (0.2.4)
    hipchat (0.8.0)
      httparty
      httparty
    httparty (0.11.0)
      multi_json (~> 1.0)
      multi_xml (>= 0.5.2)
    i18n (0.6.4)
    json (1.7.7)
    mail (2.5.3)
      i18n (>= 0.4.0)
      mime-types (~> 1.16)
      treetop (~> 1.4.8)
    mime-types (1.23)
    multi_json (1.7.2)
    multi_xml (0.5.3)
    multipart-post (1.2.0)
    net-scp (1.1.0)
      net-ssh (>= 2.6.5)
    net-sftp (2.1.1)
      net-ssh (>= 2.6.5)
    net-ssh (2.6.7)
    nokogiri (1.5.9)
    open4 (1.3.0)
    parallel (0.6.4)
    polyglot (0.3.3)
    prowler (1.3.1)
    proxies (0.2.1)
    ruby-hmac (0.4.0)
    simple_oauth (0.2.0)
    sndacs (0.2.4)
      mime-types
      proxies (~> 0.2.0)
    thor (0.18.1)
    treetop (1.4.12)
      polyglot
      polyglot (>= 0.3.1)
    twitter (4.6.2)
      faraday (~> 0.8, < 0.10)
      multi_json (~> 1.0)
      simple_oauth (~> 0.2)

PLATFORMS
  ruby

DEPENDENCIES
  backup2sndacs!
